GEM
  remote: https://rubygems.org/
  specs:
    coderay (1.1.3)
    colorize (0.8.1)
    crack (0.4.4)
    diff-lcs (1.4.4)
    faraday (1.1.0)
      multipart-post (>= 1.2, < 3)
      ruby2_keywords
    git (1.7.0)
      rchardet (~> 1.8)
    learn-test (3.3.1)
      colorize (~> 0.8.1)
      crack (~> 0.4.3)
      faraday (~> 1.0)
      git (~> 1.7)
      netrc (~> 0.11.0)
      oj (~> 3.10)
      rspec (~> 3.0)
      zeitwerk (~> 2.4.0)
    method_source (1.0.0)
    multipart-post (2.1.1)
    netrc (0.11.0)
    oj (3.10.16)
    pry (0.13.1)
      coderay (~> 1.1)
      method_source (~> 1.0)
    rake (13.0.1)
    rchardet (1.8.0)
    rspec (3.10.0)
      rspec-core (~> 3.10.0)
      rspec-expectations (~> 3.10.0)
      rspec-mocks (~> 3.10.0)
    rspec-core (3.10.0)
      rspec-support (~> 3.10.0)
    rspec-expectations (3.10.0)
      diff-lcs (>= 1.2.0, < 2.0)
      rspec-support (~> 3.10.0)
    rspec-mocks (3.10.0)
      diff-lcs (>= 1.2.0, < 2.0)
      rspec-support (~> 3.10.0)
    rspec-support (3.10.0)
    ruby2_keywords (0.0.2)
    zeitwerk (2.4.1)

PLATFORMS
  ruby

DEPENDENCIES
  learn-test
  pry
  rake
  rspec

BUNDLED WITH
   2.1.4
